GEM
  remote: https://rubygems.org/
  specs:
    activemodel (3.0.0)
      activesupport (= 3.0.0)
      builder (~> 2.1.2)
      i18n (~> 0.4.1)
    activesupport (3.0.0)
    bson (1.6.0)
    bson_ext (1.6.0)
      bson (= 1.6.0)
    builder (2.1.2)
    carrierwave (0.5.8)
      activesupport (~> 3.0)
    carrierwave-mongoid (0.1.7)
      carrierwave (~> 0.5.6)
      mongoid (~> 2.1)
    haml (4.0.5)
      tilt
    i18n (0.4.2)
    mongo (1.6.0)
      bson (= 1.6.0)
    mongoid (2.2.6)
      activemodel (~> 3.0.0)
      mongo (~> 1.3)
      tzinfo (~> 0.3.22)
    rack (1.5.2)
    rack-protection (1.5.3)
      rack
    sinatra (1.4.5)
      rack (~> 1.4)
      rack-protection (~> 1.4)
      tilt (~> 1.3, >= 1.3.4)
    tilt (1.4.1)
    tzinfo (0.3.41)

PLATFORMS
  ruby

DEPENDENCIES
  bson
  bson_ext (= 1.6.0)
  carrierwave
  carrierwave-mongoid
  haml
  mongoid (= 2.2.6)
  sinatra
